GEM
  remote: https://gems.ruby-china.com/
  specs:
    activesupport (7.0.3.1)
      concurrent-ruby (~> 1.0, >= 1.0.2)
      i18n (>= 1.6, < 2)
      minitest (>= 5.1)
      tzinfo (~> 2.0)
    backports (3.15.0)
    concurrent-ruby (1.1.10)
    fast_jsonapi (1.5)
      activesupport (>= 4.2)
    i18n (1.12.0)
      concurrent-ruby (~> 1.0)
    irb (1.0.0)
    minitest (5.16.2)
    multi_json (1.14.1)
    mustermann (1.0.3)
    mysql2 (0.5.2)
    nio4r (2.5.2)
    puma (4.2.1)
      nio4r (~> 2.0)
    rack (2.0.7)
    rack-contrib (2.1.0)
      rack (~> 2.0)
    rack-protection (2.0.7)
      rack
    rake (13.0.0)
    sequel (5.25.0)
    sinatra (2.0.7)
      mustermann (~> 1.0)
      rack (~> 2.0)
      rack-protection (= 2.0.7)
      tilt (~> 2.0)
    sinatra-contrib (2.0.7)
      backports (>= 2.8.2)
      multi_json
      mustermann (~> 1.0)
      rack-protection (= 2.0.7)
      sinatra (= 2.0.7)
      tilt (~> 2.0)
    tilt (2.0.10)
    tzinfo (2.0.5)
      concurrent-ruby (~> 1.0)

PLATFORMS
  ruby

DEPENDENCIES
  fast_jsonapi
  irb
  mysql2
  puma
  rack-contrib
  rake
  sequel
  sinatra
  sinatra-contrib

BUNDLED WITH
   1.17.2
